GEM
  remote: https://rubygems.org/
  specs:
    cgi (0.3.1)

PLATFORMS
  ruby

DEPENDENCIES
  cgi

BUNDLED WITH
   2.2.32
